PATH
  remote: .
  specs:
    ae_attribute_inspector (3.0.4)

GEM
  remote: https://rubygems.org/
  specs:
    minitest (5.22.3)
    rake (12.3.3)
    rubyzip (2.3.2)
    sketchup-api-stubs (0.7.10)

PLATFORMS
  ruby

DEPENDENCIES
  ae_attribute_inspector!
  bundler (~> 1.13)
  minitest (~> 5.0)
  rake (~> 12.3)
  rubyzip (>= 1.0.0)
  sketchup-api-stubs (~> 0)

BUNDLED WITH
   1.17.3
